GEM
  remote: https://rubygems.org/
  specs:
    activemodel (4.2.7.1)
      activesupport (= 4.2.7.1)
      builder (~> 3.1)
    activerecord (4.2.7.1)
      activemodel (= 4.2.7.1)
      activesupport (= 4.2.7.1)
      arel (~> 6.0)
    activesupport (4.2.7.1)
      i18n (~> 0.7)
      json (~> 1.7, >= 1.7.7)
      minitest (~> 5.1)
      thread_safe (~> 0.3, >= 0.3.4)
      tzinfo (~> 1.1)
    arel (6.0.3)
    builder (3.2.2)
    byebug (9.0.6)
    i18n (0.7.0)
    json (1.8.6)
    minitest (5.9.1)
    pg (0.18.4)
    rack (1.6.4)
    rake (11.3.0)
    telegram-webhooks (0.1.1)
      rack (~> 1.6.4)
    thread_safe (0.3.5)
    tzinfo (1.2.2)
      thread_safe (~> 0.1)

PLATFORMS
  ruby

DEPENDENCIES
  activerecord (~> 4.2, >= 4.2.6)
  byebug
  pg (~> 0.18.4)
  rake (~> 11.2, >= 11.2.2)
  telegram-webhooks

RUBY VERSION
   ruby 2.3.1p112

BUNDLED WITH
   1.16.1
